GIT
  remote: https://github.com/podio/podio-rb.git
  revision: 7fa7f122345d018d75e482a74fc35520e4ba5847
  specs:
    podio (0.6.0)
      activemodel (~> 3.0)
      activesupport (~> 3.0)
      faraday (~> 0.7.0)
      multi_json

GEM
  remote: http://rubygems.org/
  specs:
    activemodel (3.2.1)
      activesupport (= 3.2.1)
      builder (~> 3.0.0)
    activeresource (3.2.1)
      activemodel (= 3.2.1)
      activesupport (= 3.2.1)
    activesupport (3.2.1)
      i18n (~> 0.6)
      multi_json (~> 1.0)
    addressable (2.2.6)
    basecamp (0.0.7)
      activeresource (>= 2.3.0)
      oauth2
      xml-simple
    builder (3.0.0)
    faraday (0.7.6)
      addressable (~> 2.2)
      multipart-post (~> 1.1)
      rack (~> 1.1)
    i18n (0.6.0)
    multi_json (1.0.4)
    multipart-post (1.1.5)
    oauth2 (0.5.2)
      faraday (~> 0.7)
      multi_json (~> 1.0)
    rack (1.4.1)
    xml-simple (1.1.1)

PLATFORMS
  ruby

DEPENDENCIES
  activeresource
  basecamp (= 0.0.7)
  podio!
  xml-simple
